GIT
  remote: git://github.com/did/bushido_stub.git
  revision: 1e1d560eca1ca3d907fabb25dd4a72a710d9d6eb
  specs:
    bushido_stub (0.0.3)
      activesupport (>= 3.0.7)

GIT
  remote: git://github.com/floehopper/mocha.git
  revision: 1b58b6eebd3034691c9961c3110eda47c92720f2
  specs:
    mocha (0.9.12)
      metaclass (~> 0.0.1)

GIT
  remote: git://github.com/tpope/pickler.git
  revision: 15587b8dd45e1f3dc70b4d3aed85821897cff704
  specs:
    pickler (0.2.0)
      crack (>= 0.1.8)

PATH
  remote: ../engine
  specs:
    locomotive_cms (1.0.0.rc1)
      RedCloth (= 4.2.7)
      actionmailer-with-request
      bson_ext (~> 1.3.0)
      bushido
      cancan (~> 1.6.0)
      carrierwave (= 0.5.6)
      cells
      custom_fields (= 1.0.0.beta.22)
      delayed_job (= 2.1.4)
      delayed_job_mongoid (= 1.0.2)
      devise (= 1.3.4)
      devise_bushido_authenticatable (= 1.0.0.alpha10)
      dragonfly (~> 0.9.1)
      fog (= 0.8.2)
      formtastic (~> 1.2.3)
      haml (= 3.1.2)
      heroku (= 1.19.1)
      highline
      httparty (>= 0.6.1)
      inherited_resources (~> 1.1.2)
      json_pure (= 1.5.1)
      locomotive_jammit-s3
      locomotive_liquid (= 2.2.2)
      locomotive_mongoid_acts_as_tree (= 0.1.5.7)
      mimetype-fu
      mongoid (= 2.0.2)
      rack-cache
      rails (>= 3.0.9)
      rmagick (= 2.12.2)
      rubyzip
      sanitize
      sass (= 3.1.2)
      warden
      will_paginate (~> 3.0.0)

PATH
  remote: ../railsbike_ext
  specs:
    railsbike_ext (0.1.0)
      bson_ext (~> 1.3.0)
      haml (= 3.1.2)
      mongoid (~> 2.0.2)
      rails (= 3.0.9)
      sass (= 3.1.2)

GEM
  remote: http://rubygems.org/
  specs:
    POpen4 (0.1.4)
      Platform (>= 0.4.0)
      open4
    Platform (0.4.0)
    RedCloth (4.2.7)
    ZenTest (4.6.1)
    abstract (1.0.0)
    actionmailer (3.0.9)
      actionpack (= 3.0.9)
      mail (~> 2.2.19)
    actionmailer-with-request (0.3.0)
      rails (>= 3)
    actionpack (3.0.9)
      activemodel (= 3.0.9)
      activesupport (= 3.0.9)
      builder (~> 2.1.2)
      erubis (~> 2.6.6)
      i18n (~> 0.5.0)
      rack (~> 1.2.1)
      rack-mount (~> 0.6.14)
      rack-test (~> 0.5.7)
      tzinfo (~> 0.3.23)
    activemodel (3.0.9)
      activesupport (= 3.0.9)
      builder (~> 2.1.2)
      i18n (~> 0.5.0)
    activerecord (3.0.9)
      activemodel (= 3.0.9)
      activesupport (= 3.0.9)
      arel (~> 2.0.10)
      tzinfo (~> 0.3.23)
    activeresource (3.0.9)
      activemodel (= 3.0.9)
      activesupport (= 3.0.9)
    activesupport (3.0.9)
    arel (2.0.10)
    autotest (4.4.6)
      ZenTest (>= 4.4.1)
    bcrypt-ruby (2.1.4)
    bson (1.3.1)
    bson_ext (1.3.1)
    builder (2.1.2)
    bushido (0.0.35)
      highline (>= 1.6.1)
      json (>= 1.4.6)
      orm_adapter (~> 0.0.3)
      rest-client (>= 1.6.1)
    cancan (1.6.5)
    capistrano (2.8.0)
      highline
      net-scp (>= 1.0.0)
      net-sftp (>= 2.0.0)
      net-ssh (>= 2.0.14)
      net-ssh-gateway (>= 1.1.0)
    capybara (1.0.1)
      mime-types (>= 1.16)
      nokogiri (>= 1.3.3)
      rack (>= 1.0.0)
      rack-test (>= 0.5.4)
      selenium-webdriver (~> 2.0)
      xpath (~> 0.1.4)
    carrierwave (0.5.6)
      activesupport (~> 3.0)
    cells (3.6.5)
      actionpack (~> 3.0)
      railties (~> 3.0)
    childprocess (0.2.1)
      ffi (~> 1.0.6)
    configuration (1.3.1)
    crack (0.1.8)
    cucumber (1.0.2)
      builder (>= 2.1.2)
      diff-lcs (>= 1.1.2)
      gherkin (~> 2.4.5)
      json (>= 1.4.6)
      term-ansicolor (>= 1.0.5)
    cucumber-rails (1.0.2)
      capybara (>= 1.0.0)
      cucumber (~> 1.0.0)
      nokogiri (>= 1.4.6)
    custom_fields (1.0.0.beta.22)
      activesupport (~> 3.0.9)
      mongoid (= 2.0.2)
    daemons (1.1.4)
    database_cleaner (0.6.7)
    delayed_job (2.1.4)
      activesupport (~> 3.0)
      daemons
    delayed_job_mongoid (1.0.2)
      delayed_job (~> 2.1.1)
      mongoid (~> 2.0.0.rc)
    devise (1.3.4)
      bcrypt-ruby (~> 2.1.2)
      orm_adapter (~> 0.0.3)
      warden (~> 1.0.3)
    devise_bushido_authenticatable (1.0.0.alpha10)
      devise
      devise (>= 1.0.6)
      rubycas-client (>= 2.2.1)
    diff-lcs (1.1.2)
    dragonfly (0.9.5)
      rack
    erubis (2.6.6)
      abstract (>= 1.0.0)
    excon (0.6.5)
    factory_girl (2.0.4)
    factory_girl_rails (1.1.0)
      factory_girl (~> 2.0.0)
      railties (>= 3.0.0)
    ffi (1.0.9)
    fog (0.8.2)
      builder
      excon (~> 0.6.1)
      formatador (>= 0.1.3)
      json
      mime-types
      net-ssh (>= 2.1.3)
      nokogiri (>= 1.4.4)
      ruby-hmac
    formatador (0.2.0)
    formtastic (1.2.4)
      actionpack (>= 2.3.7)
      activesupport (>= 2.3.7)
      i18n (~> 0.4)
    gherkin (2.4.6)
      json (>= 1.4.6)
    growl-glue (1.0.7)
    haml (3.1.2)
    has_scope (0.5.1)
    heroku (1.19.1)
      activesupport (>= 2.1.0)
      launchy (~> 0.3.2)
      rest-client (< 1.7.0, >= 1.4.0)
    highline (1.6.2)
    httparty (0.7.8)
      crack (= 0.1.8)
    i18n (0.5.0)
    inherited_resources (1.1.2)
      has_scope (~> 0.5.0)
      responders (~> 0.6.0)
    jammit (0.6.3)
      yui-compressor (>= 0.9.3)
    json (1.5.3)
    json_pure (1.5.1)
    kgio (2.6.0)
    launchy (0.3.7)
      configuration (>= 0.0.5)
      rake (>= 0.8.1)
    locomotive_jammit-s3 (0.5.4.4)
      jammit (>= 0.5.4)
      mimemagic (>= 0.1.7)
      s3 (>= 0.3.7)
    locomotive_liquid (2.2.2)
    locomotive_mongoid_acts_as_tree (0.1.5.7)
      mongoid (= 2.0.2)
    mail (2.2.19)
      activesupport (>= 2.3.6)
      i18n (>= 0.4.0)
      mime-types (~> 1.16)
      treetop (~> 1.4.8)
    metaclass (0.0.1)
    mime-types (1.16)
    mimemagic (0.1.8)
    mimetype-fu (0.1.2)
    mongo (1.3.1)
      bson (>= 1.3.1)
    mongoid (2.0.2)
      activemodel (~> 3.0)
      mongo (~> 1.3)
      tzinfo (~> 0.3.22)
    net-scp (1.0.4)
      net-ssh (>= 1.99.1)
    net-sftp (2.0.5)
      net-ssh (>= 2.0.9)
    net-ssh (2.1.4)
    net-ssh-gateway (1.1.0)
      net-ssh (>= 1.99.1)
    nokogiri (1.5.0)
    open4 (1.1.0)
    orm_adapter (0.0.5)
    pickle (0.4.8)
      cucumber (>= 0.8)
      rake
    polyglot (0.3.2)
    proxies (0.2.1)
    rack (1.2.3)
    rack-cache (1.0.2)
      rack (>= 0.4)
    rack-mount (0.6.14)
      rack (>= 1.0.0)
    rack-test (0.5.7)
      rack (>= 1.0)
    rails (3.0.9)
      actionmailer (= 3.0.9)
      actionpack (= 3.0.9)
      activerecord (= 3.0.9)
      activeresource (= 3.0.9)
      activesupport (= 3.0.9)
      bundler (~> 1.0)
      railties (= 3.0.9)
    railties (3.0.9)
      actionpack (= 3.0.9)
      activesupport (= 3.0.9)
      rake (>= 0.8.7)
      rdoc (~> 3.4)
      thor (~> 0.14.4)
    raindrops (0.7.0)
    rake (0.9.2)
    rdoc (3.9.2)
    responders (0.6.4)
    rest-client (1.6.3)
      mime-types (>= 1.16)
    rmagick (2.12.2)
    rspec (2.6.0)
      rspec-core (~> 2.6.0)
      rspec-expectations (~> 2.6.0)
      rspec-mocks (~> 2.6.0)
    rspec-core (2.6.4)
    rspec-expectations (2.6.0)
      diff-lcs (~> 1.1.2)
    rspec-mocks (2.6.0)
    rspec-rails (2.6.1)
      actionpack (~> 3.0)
      activesupport (~> 3.0)
      railties (~> 3.0)
      rspec (~> 2.6.0)
    ruby-hmac (0.4.0)
    rubycas-client (2.2.1)
      activesupport
    rubyzip (0.9.4)
    s3 (0.3.8)
      proxies (~> 0.2.0)
    sanitize (2.0.3)
      nokogiri (< 1.6, >= 1.4.4)
    sass (3.1.2)
    selenium-webdriver (2.4.0)
      childprocess (>= 0.2.1)
      ffi (>= 1.0.7)
      json_pure
      rubyzip
    spork (0.8.5)
    term-ansicolor (1.0.6)
    thor (0.14.6)
    treetop (1.4.10)
      polyglot
      polyglot (>= 0.3.1)
    tzinfo (0.3.29)
    unicorn (4.0.1)
      kgio (~> 2.4)
      rack
      raindrops (~> 0.6)
    warden (1.0.5)
      rack (>= 1.0)
    will_paginate (3.0.0)
    xpath (0.1.4)
      nokogiri (~> 1.3)
    yui-compressor (0.9.6)
      POpen4 (>= 0.1.4)

PLATFORMS
  ruby

DEPENDENCIES
  ZenTest
  autotest
  bushido_stub!
  capistrano
  capybara
  cucumber-rails (= 1.0.2)
  database_cleaner
  factory_girl_rails
  growl-glue
  launchy
  locomotive_cms!
  mocha!
  pickle
  pickler!
  rails (= 3.0.9)
  railsbike_ext!
  rspec-rails (= 2.6.1)
  spork
  unicorn
  xpath (~> 0.1.4)
